GEM
  remote: http://rubygems.org/
  specs:
    diff-lcs (1.2.5)
    rspec (2.99.0)
      rspec-core (~> 2.99.0)
      rspec-expectations (~> 2.99.0)
      rspec-mocks (~> 2.99.0)
    rspec-core (2.99.1)
    rspec-expectations (2.99.2)
      diff-lcs (>= 1.1.3, < 2.0)
    rspec-its (1.0.1)
      rspec-core (>= 2.99.0.beta1)
      rspec-expectations (>= 2.99.0.beta1)
    rspec-mocks (2.99.2)
    timecop (0.7.1)

PLATFORMS
  ruby

DEPENDENCIES
  rspec (~> 2.99)
  rspec-its
  timecop (~> 0.3)
